PATH
  remote: .
  specs:
    jzmq (0.0.8)

GEM
  remote: http://rubygems.org/
  specs:

PLATFORMS
  java

DEPENDENCIES
  jzmq!
