PATH
  remote: .
  specs:
    jzmq (0.0.7)
      zmq

PATH
  remote: /home/guy/my-dev/rbzmq
  specs:
    zmq (2.1.3)

GEM
  remote: http://rubygems.org/
  specs:

PLATFORMS
  java
  ruby

DEPENDENCIES
  jzmq!
