GIT
  remote: https://guyboertje@github.com/guyboertje/rbzmq.git
  revision: ebc12bde470c03668d923bd17dca5fa829f4dc11
  specs:
    zmq (2.1.3)

PATH
  remote: .
  specs:
    jzmq (0.0.7)

GEM
  remote: http://rubygems.org/
  specs:

PLATFORMS
  java
  ruby

DEPENDENCIES
  jzmq!
  zmq!
