PATH
  remote: .
  specs:
    jzmq (0.0.8)
      rjb
      zmq

GEM
  remote: http://rubygems.org/
  specs:
    rjb (1.3.4)
    zmq (2.1.3)

PLATFORMS
  java
  ruby

DEPENDENCIES
  jzmq!
